GEM
  remote: http://rubygems.org/
  specs:
    bouncy-castle-java (1.5.0146.1)
    git (1.2.5)
    jeweler (1.5.2)
      bundler (~> 1.0.0)
      git (>= 1.2.5)
      rake
    jmx4r (0.1.3)
    jruby-openssl (0.7.4)
      bouncy-castle-java
    mime-types (1.16)
    rake (0.8.7)
    rcov (0.9.9-java)
    rest-client (1.6.1)
      mime-types (>= 1.16)
    shoulda (2.11.3)
    trollop (1.16.2)

PLATFORMS
  java

DEPENDENCIES
  bundler (~> 1.0.0)
  jeweler (~> 1.5.2)
  jmx4r (= 0.1.3)
  jruby-openssl (= 0.7.4)
  rcov
  rest-client (= 1.6.1)
  shoulda
  trollop (= 1.16.2)
