PATH
  remote: .
  specs:
    librato-metrics-taps (0.3.4)
      jmx4r (= 0.1.4)
      jruby-openssl (= 0.8.5)
      rest-client (= 1.6.7)
      trollop (= 1.16.2)

GEM
  remote: http://rubygems.org/
  specs:
    bouncy-castle-java (1.5.0147)
    jmx4r (0.1.4)
    jruby-openssl (0.8.5)
      bouncy-castle-java (>= 1.5.0147)
    json (1.7.3)
    json (1.7.3-java)
    mime-types (1.21)
    rake (0.9.2.2)
    rdoc (3.12)
      json (~> 1.4)
    rest-client (1.6.7)
      mime-types (>= 1.16)
    shoulda (3.0.1)
      shoulda-context (~> 1.0.0)
      shoulda-matchers (~> 1.0.0)
    shoulda-context (1.0.0)
    shoulda-matchers (1.0.0)
    trollop (1.16.2)

PLATFORMS
  java
  ruby

DEPENDENCIES
  librato-metrics-taps!
  rake
  rdoc (~> 3.12)
  shoulda
